GIT
  remote: https://github.com/everypolitician/scraped.git
  revision: a472ba1708c2052003eae075113ce0732976b81f
  branch: 65-handle-badly-encoded-urls-refactor
  specs:
    scraped (0.3.1)
      field_serializer (>= 0.3.0)
      nokogiri
      require_all

GIT
  remote: https://github.com/everypolitician/scraped_page_archive.git
  revision: 9d8a6347d122d42a983ba28ff84d24de6bdca8a0
  branch: master
  specs:
    scraped_page_archive (0.4.1)
      git (~> 1.3.0)
      vcr-archive (~> 0.3.0)

GIT
  remote: https://github.com/openaustralia/scraperwiki-ruby.git
  revision: fc50176812505e463077d5c673d504a6a234aa78
  branch: morph_defaults
  specs:
    scraperwiki (3.0.1)
      httpclient
      sqlite_magic

GEM
  remote: https://rubygems.org/
  specs:
    addressable (2.4.0)
    capybara (2.6.2)
      addressable
      mime-types (>= 1.16)
      nokogiri (>= 1.3.3)
      rack (>= 1.0.0)
      rack-test (>= 0.5.4)
      xpath (~> 2.0)
    cliver (0.3.2)
    coderay (1.1.1)
    colorize (0.7.7)
    crack (0.4.3)
      safe_yaml (~> 1.0.0)
    field_serializer (0.3.0)
    git (1.3.0)
    hashdiff (0.3.0)
    httpclient (2.7.1)
    method_source (0.8.2)
    mime-types (3.0)
      mime-types-data (~> 3.2015)
    mime-types-data (3.2016.0221)
    mini_portile2 (2.0.0)
    multi_json (1.11.2)
    nokogiri (1.6.7.2)
      mini_portile2 (~> 2.0.0.rc2)
    open-uri-cached (0.0.5)
    poltergeist (1.9.0)
      capybara (~> 2.1)
      cliver (~> 0.3.1)
      multi_json (~> 1.0)
      websocket-driver (>= 0.2.0)
    pry (0.10.3)
      coderay (~> 1.1.0)
      method_source (~> 0.8.1)
      slop (~> 3.4)
    rack (1.6.4)
    rack-test (0.6.3)
      rack (>= 1.0)
    require_all (1.4.0)
    safe_yaml (1.0.4)
    slop (3.6.0)
    sqlite3 (1.3.11)
    sqlite_magic (0.0.6)
      sqlite3
    vcr (3.0.3)
    vcr-archive (0.3.0)
      vcr (~> 3.0.2)
      webmock (~> 2.0.3)
    webmock (2.0.3)
      addressable (>= 2.3.6)
      crack (>= 0.3.2)
      hashdiff
    websocket-driver (0.6.3)
      websocket-extensions (>= 0.1.0)
    websocket-extensions (0.1.2)
    xpath (2.0.0)
      nokogiri (~> 1.3)

PLATFORMS
  ruby

DEPENDENCIES
  capybara
  colorize
  nokogiri
  open-uri-cached
  poltergeist
  pry
  scraped!
  scraped_page_archive!
  scraperwiki!

RUBY VERSION
   ruby 2.3.1p112

BUNDLED WITH
   1.13.7
